GIT
  remote: git@github.com:sosedoff/munin-ruby.git
  revision: a9e4258ef3beaa51a49e7a34e33b06836440b972
  specs:
    munin-ruby (0.2.0)

GEM
  remote: http://rubygems.org/
  specs:
    activemodel (3.1.1)
      activesupport (= 3.1.1)
      builder (~> 3.0.0)
      i18n (~> 0.6)
    activesupport (3.1.1)
      multi_json (~> 1.0)
    bson (1.4.0)
    bson_ext (1.4.0)
    builder (3.0.0)
    daemons (1.1.4)
    eventmachine (0.12.10)
    i18n (0.6.0)
    json (1.6.1)
    mongo (1.4.0)
      bson (= 1.4.0)
    mongoid (2.3.3)
      activemodel (~> 3.1)
      mongo (~> 1.3)
      tzinfo (~> 0.3.22)
    multi_json (1.0.3)
    rack (1.3.5)
    rack-protection (1.1.4)
      rack
    redis (2.2.2)
    sinatra (1.3.1)
      rack (~> 1.3, >= 1.3.4)
      rack-protection (~> 1.1, >= 1.1.2)
      tilt (~> 1.3, >= 1.3.3)
    thin (1.3.1)
      daemons (>= 1.0.9)
      eventmachine (>= 0.12.6)
      rack (>= 1.0.0)
    tilt (1.3.3)
    tzinfo (0.3.31)
    uuidtools (2.1.2)

PLATFORMS
  ruby

DEPENDENCIES
  bson_ext
  json
  mongo
  mongoid
  munin-ruby!
  redis
  sinatra
  thin
  uuidtools
